GEM
  remote: https://rubygems.org/
  remote: http://gems.github.com/
  specs:
    Ascii85 (1.0.2)
    afm (0.2.0)
    cinch (2.0.4)
    diff-lcs (1.2.2)
    faraday (0.8.8)
      multipart-post (~> 1.2.0)
    hashery (2.1.1)
    levenshtein (0.2.2)
    multi_json (1.7.9)
    multipart-post (1.2.0)
    nokogiri (1.5.9)
    pdf-reader (1.3.3)
      Ascii85 (~> 1.0.0)
      afm (~> 0.2.0)
      hashery (~> 2.0)
      ruby-rc4
      ttfunk
    rspec (2.13.0)
      rspec-core (~> 2.13.0)
      rspec-expectations (~> 2.13.0)
      rspec-mocks (~> 2.13.0)
    rspec-core (2.13.1)
    rspec-expectations (2.13.0)
      diff-lcs (>= 1.1.3, < 2.0)
    rspec-mocks (2.13.0)
    ruby-rc4 (0.1.5)
    simple_oauth (0.2.0)
    ttfunk (1.0.3)
    twitter (4.8.1)
      faraday (~> 0.8, < 0.10)
      multi_json (~> 1.0)
      simple_oauth (~> 0.2)

PLATFORMS
  ruby

DEPENDENCIES
  cinch
  levenshtein
  nokogiri
  pdf-reader
  rspec
  twitter
